GEM
  remote: https://rubygems.org/
  specs:
    airbrussh (1.1.1)
      sshkit (>= 1.6.1, != 1.7.0)
    capistrano (3.6.1)
      airbrussh (>= 1.0.0)
      capistrano-harrow
      i18n
      rake (>= 10.0.0)
      sshkit (>= 1.9.0)
    capistrano-bundler (1.2.0)
      capistrano (~> 3.1)
      sshkit (~> 1.2)
    capistrano-harrow (0.5.3)
    capistrano-rvm (0.1.2)
      capistrano (~> 3.0)
      sshkit (~> 1.2)
    i18n (0.7.0)
    jellyfish (1.1.1)
    kgio (2.10.0)
    mini_magick (4.5.1)
    net-scp (1.2.1)
      net-ssh (>= 2.6.5)
    net-ssh (3.2.0)
    rack (1.6.4)
    rack-cors (0.4.0)
    rainbows (5.0.0)
      kgio (~> 2.5)
      rack (~> 1.1)
      unicorn (~> 5.0)
    raindrops (0.17.0)
    rake (11.3.0)
    settingslogic (2.0.9)
    sshkit (1.11.3)
      net-scp (>= 1.1.2)
      net-ssh (>= 2.8.0)
    unicorn (5.1.0)
      kgio (~> 2.6)
      raindrops (~> 0.7)

PLATFORMS
  ruby

DEPENDENCIES
  capistrano
  capistrano-bundler
  capistrano-rvm
  jellyfish
  mini_magick
  rack-cors
  rainbows
  settingslogic

BUNDLED WITH
   1.13.5
