GEM
  remote: https://rubygems.org/
  specs:
    jellyfish (1.0.2)
    kgio (2.9.3)
    mini_magick (4.0.3)
    rack (1.6.0)
    rack-cors (0.3.1)
    rainbows (4.6.2)
      kgio (~> 2.5)
      rack (~> 1.1)
      unicorn (~> 4.8)
    raindrops (0.13.0)
    settingslogic (2.0.9)
    unicorn (4.8.3)
      kgio (~> 2.6)
      rack
      raindrops (~> 0.7)

PLATFORMS
  ruby

DEPENDENCIES
  jellyfish
  mini_magick
  rack-cors
  rainbows
  settingslogic
